GIT
  remote: git://github.com/antw/shoulda-matchers.git
  revision: 0ac771687f956399550cd31d256ebde8851ae00c
  ref: fix-ar-matcher-inclusion
  specs:
    shoulda-matchers (2.6.0)
      activesupport (>= 3.0.0)

GIT
  remote: git://github.com/quintel/refinery.git
  revision: f29ead19f878f660501e5bcbe0251c002d9dab13
  ref: f29ead1
  specs:
    refinery (0.0.1)
      ruby-graphviz
      terminal-table
      turbine-graph (>= 0.1.1)

PATH
  remote: .
  specs:
    atlas (0.0.2)
      activemodel
      activesupport
      rubel (>= 0.0.3)
      turbine-graph (>= 0.1)
      virtus (~> 0.5.4)

GEM
  remote: https://rubygems.org/
  specs:
    activemodel (4.1.0)
      activesupport (= 4.1.0)
      builder (~> 3.1)
    activesupport (4.1.0)
      i18n (~> 0.6, >= 0.6.9)
      json (~> 1.7, >= 1.7.7)
      minitest (~> 5.1)
      thread_safe (~> 0.1)
      tzinfo (~> 1.1)
    backports (3.6.0)
    builder (3.2.2)
    celluloid (0.15.2)
      timers (~> 1.1.0)
    celluloid-io (0.15.0)
      celluloid (>= 0.15.0)
      nio4r (>= 0.5.0)
    coderay (1.1.0)
    descendants_tracker (0.0.4)
      thread_safe (~> 0.3, >= 0.3.1)
    diff-lcs (1.2.5)
    docile (1.1.3)
    ffi (1.9.3)
    formatador (0.2.4)
    guard (2.6.0)
      formatador (>= 0.2.4)
      listen (~> 2.7)
      lumberjack (~> 1.0)
      pry (>= 0.9.12)
      thor (>= 0.18.1)
    guard-rspec (4.2.8)
      guard (~> 2.1)
      rspec (>= 2.14, < 4.0)
    httparty (0.13.1)
      json (~> 1.8)
      multi_xml (>= 0.5.2)
    i18n (0.6.9)
    json (1.8.1)
    listen (2.7.1)
      celluloid (>= 0.15.2)
      celluloid-io (>= 0.15.0)
      rb-fsevent (>= 0.9.3)
      rb-inotify (>= 0.9)
    lumberjack (1.0.5)
    method_source (0.8.2)
    minitest (5.3.3)
    multi_json (1.9.2)
    multi_xml (0.5.5)
    nio4r (1.0.0)
    pry (0.9.12.6)
      coderay (~> 1.0)
      method_source (~> 0.8)
      slop (~> 3.4)
    rake (10.2.2)
    rb-fsevent (0.9.4)
    rb-inotify (0.9.3)
      ffi (>= 0.5.0)
    rspec (2.14.1)
      rspec-core (~> 2.14.0)
      rspec-expectations (~> 2.14.0)
      rspec-mocks (~> 2.14.0)
    rspec-core (2.14.8)
    rspec-expectations (2.14.5)
      diff-lcs (>= 1.1.3, < 2.0)
    rspec-mocks (2.14.6)
    rubel (0.0.3)
    ruby-graphviz (1.0.9)
    ruby-progressbar (1.4.2)
    ruby_gntp (0.3.4)
    simplecov (0.8.2)
      docile (~> 1.1.0)
      multi_json
      simplecov-html (~> 0.8.0)
    simplecov-html (0.8.0)
    slop (3.5.0)
    term-ansicolor (1.3.0)
      tins (~> 1.0)
    terminal-table (1.4.5)
    thor (0.19.1)
    thread_safe (0.3.3)
    timers (1.1.0)
    tins (1.1.0)
    turbine-graph (0.1.3)
    tzinfo (1.1.0)
      thread_safe (~> 0.1)
    virtus (0.5.5)
      backports (~> 3.3)
      descendants_tracker (~> 0.0.1)

PLATFORMS
  ruby

DEPENDENCIES
  atlas!
  guard
  guard-rspec
  httparty
  pry (>= 0.9.12)
  rake (>= 10.0.3)
  rb-fsevent (~> 0.9.1)
  refinery!
  rspec
  ruby-progressbar
  ruby_gntp
  shoulda-matchers!
  simplecov
  term-ansicolor (>= 1.2.0)
